GEM
  remote: https://rubygems.org/
  specs:
    axiom-types (0.1.1)
      descendants_tracker (~> 0.0.4)
      ice_nine (~> 0.11.0)
      thread_safe (~> 0.3, >= 0.3.1)
    coderay (1.1.2)
    coercible (1.0.0)
      descendants_tracker (~> 0.0.1)
    daybreak (0.3.0)
    descendants_tracker (0.0.4)
      thread_safe (~> 0.3, >= 0.3.1)
    dotenv (2.4.0)
    equalizer (0.0.11)
    faraday (0.15.0)
      multipart-post (>= 1.2, < 3)
    httparty (0.16.2)
      multi_xml (>= 0.5.2)
    ice_nine (0.11.2)
    inflecto (0.0.2)
    method_source (0.9.0)
    multi_xml (0.6.0)
    multipart-post (2.0.0)
    mustermann (1.0.2)
    pry (0.11.3)
      coderay (~> 1.1.0)
      method_source (~> 0.9.0)
    rack (2.0.5)
    rack-protection (2.0.1)
      rack
    sinatra (2.0.1)
      mustermann (~> 1.0)
      rack (~> 2.0)
      rack-protection (= 2.0.1)
      tilt (~> 2.0)
    telegram-bot-ruby (0.8.6.1)
      faraday
      inflecto
      virtus
    thread_safe (0.3.6)
    tilt (2.0.8)
    virtus (1.0.5)
      axiom-types (~> 0.1)
      coercible (~> 1.0)
      descendants_tracker (~> 0.0, >= 0.0.3)
      equalizer (~> 0.0, >= 0.0.9)

PLATFORMS
  ruby

DEPENDENCIES
  daybreak
  dotenv
  httparty
  pry
  sinatra
  telegram-bot-ruby

BUNDLED WITH
   1.16.2
